GEM
  remote: https://rubygems.org/
  specs:
    base64 (0.2.0)
    bigdecimal (3.1.9)
    csv (3.3.2)
    dotenv (3.1.7)
    ethon (0.16.0)
      ffi (>= 1.15.0)
    ffi (1.17.1)
    httparty (0.22.0)
      csv
      mini_mime (>= 1.0.0)
      multi_xml (>= 0.5.2)
    logger (1.6.6)
    mini_mime (1.1.5)
    minitest (5.25.5)
    multi_json (1.15.0)
    multi_xml (0.7.1)
      bigdecimal (~> 3.1)
    mustermann (3.0.3)
      ruby2_keywords (~> 0.0.1)
    rack (3.1.12)
    rack-protection (4.1.1)
      base64 (>= 0.1.0)
      logger (>= 1.6.0)
      rack (>= 3.0.0, < 4)
    rack-session (2.1.0)
      base64 (>= 0.1.0)
      rack (>= 3.0.0)
    rack-test (2.2.0)
      rack (>= 1.3)
    ruby2_keywords (0.0.5)
    sinatra (4.1.1)
      logger (>= 1.6.0)
      mustermann (~> 3.0)
      rack (>= 3.0.0, < 4)
      rack-protection (= 4.1.1)
      rack-session (>= 2.0.0, < 3)
      tilt (~> 2.0)
    sinatra-contrib (4.1.1)
      multi_json (>= 0.0.2)
      mustermann (~> 3.0)
      rack-protection (= 4.1.1)
      sinatra (= 4.1.1)
      tilt (~> 2.0)
    tilt (2.6.0)
    trinsic_api (2.0.0)
      typhoeus (~> 1.0, >= 1.0.1)
    typhoeus (1.4.1)
      ethon (>= 0.9.0)

PLATFORMS
  arm64-darwin
  x86_64-linux

DEPENDENCIES
  dotenv
  httparty
  minitest
  rack (~> 3.1.12)
  rack-test
  sinatra (~> 4.1.1)
  sinatra-contrib
  trinsic_api

BUNDLED WITH
   2.6.6
